##TITLE= Parameter file, TopSpin 3.5 pl 2
##JCAMPDX= 5.0
##DATATYPE= Parameter Values
##NPOINTS= 67790	$$ modification sequence number
##ORIGIN= Bruker BioSpin GmbH
##OWNER= nmrsu
$$ 2021-05-26 13:22:26.405 -0400  nmrsu@avhd400
$$ /opt/topspin3.5pl2/conf/instr/spect/specpar
$$ process /opt/topspin3.5pl2/prog/mod/hconfserver
##$ANCIEN= (0..7)
0 0 0 0 0 0 0 0
##$BF1= 100.13
##$BF2= 100.13
##$BF3= 100.13
##$DEC= 1
##$DECB= 1
##$DEF19F= yes
##$DEFRSEL= yes
##$HPMOD= (0..7)
0 0 0 0 0 0 0 0
##$HPPRECH= (0..15)
-1 1 0 -1 -1 -1 -1 -1 -1 -1 -1 -1 -1 -1 -1 -1
##$HPSELECT= no
##$LOCSW19F= -1
##$LOCSW2H= -1
##$NUC1= 14
##$NUC2= 0
##$NUC3= 0
##$NUC4= 0
##$NUC5= 0
##$NUC6= 0
##$NUC7= 0
##$NUC8= 0
##$NUCARR= (0..123)
400.6 400.6 61.494539093 427.295879844 305.174824622 58.952640516 155.688370782
56.291562878 43.039093948 128.528399844 100.73095012 28.93888331 40.592445472
54.307166742 376.940608066 31.624549776 105.9663114 24.52326981 104.383777154
79.587951122 162.165852452 30.750056 39.250423454 32.67183435 18.693490238
10.26058783 26.960496174 97.312738482 22.583961204 22.589982222 39.941057854
105.369609688 22.643898976 99.305607308 12.970538668 95.050658444 35.797820306
106.220984838 113.785194158 25.064752818 96.149424124 122.169796224 13.97418989
68.593191684 76.400481078 20.902194332 100.36624388 108.188111108 15.4134856
38.677701658 131.078138724 17.361290932 19.630193188 37.240969788 98.05153702
26.106805556 26.65470217 90.168353956 18.448234906 20.676444214 12.764906682
18.3318566 16.215562914 18.642053198 84.98921288 88.90585905 87.59421453
87.781991774 131.071308494 142.742829554 149.386271792 95.865891462 51.914623302
104.835986452 126.388374614 80.149988916 111.407605116 33.025147526 52.543264852
39.797434742 44.518389568 52.8563658 56.587317846 122.66372 21.8327 13.46016
16.70502 13.78064 99.58916 43.98588 12.29842 16.14418 96.30424 13.78064
19.30892 85.48804 11.53728 33.20974 70.102219836 19.312926 45.684424 32.572786
16.052042 10.083102 48.0303376 16.690546322 90.2335476 91.1429096 9.143017986
31.1081924 6.882308 7.495226 86.116116704 6.926374 71.750752932 26.486001498
228.8355392 231.081455028 83.807919594 64.373567728 7.3766484 100 100 100
##$NUCOFFS= (0..127)
<29Si> <1H> <2H> <27Al> <7Li> <31P> <119Sn> <63Cu> <6Li> <23Na> <21Ne>
<65Cu> <13C> <85Rb> <87Rb> <137Ba> <11B> <10B> <135Ba> <19F> <209Bi> <107Ag>
<109Ag> <55Mn> <81Br> <17O> <15N> <133Cs> <127I> <43Ca> <79Br> <> <> <>
<> <> <> <> <> <> <> <> <> <> <> <> <> <> <> <> <> <> <> <> <> <> <> <>
<> <> <> <> <> <> <> <> <> <> <> <> <> <> <> <> <> <> <> <> <> <> <> <>
<> <> <> <> <> <> <> <> <> <> <> <> <> <> <> <> <> <> <> <> <> <> <> <>
<> <> <> <> <> <> <> <> <> <> <> <> <> <> <> <> <> <> <> <> <> <>
##$OBS= 1
##$OFFS= (0..127)
0 0 0 0 0 0 1023295.96 0 0 0 0 0 0 0 0 0 0 0 0 0 0 0 0 0 0 0 0 0 0 0 0
0 0 0 0 0 0 0 0 0 0 0 0 0 0 0 0 0 0 0 0 0 0 0 0 0 0 0 0 0 0 0 0 0 0 0 0
0 0 0 0 0 0 0 0 0 0 0 0 0 0 0 0 0 0 0 0 0 0 0 0 0 0 0 0 0 0 0 0 0 0 0 0
0 0 0 0 0 0 0 0 0 0 0 0 0 0 0 0 0 0 0 0 0 0 0 0 0
##$OFFSF= (0..7)
0 0 0 0 0 0 0 0
##$OFFSH= (0..7)
0 0 0 0 0 0 0 0
##$OFFSX= (0..7)
0 0 0 0 0 0 0 0
##$OFFSXAS= (0..7)
0 0 0 0 0 0 0 0
##$OFSF1= 0
##$OFSF2= 0
##$OFSH1= 0
##$OFSH2= 0
##$OFSH3= 0
##$OFSX1= 0
##$OFSX2= 0
##$OFSY= 0
##$PACOIL= (0..15)
0 0 0 0 0 0 0 0 0 0 0 0 0 0 0 0
##$PRECHAN= (0..15)
-1 -1 -1 -1 -1 -1 -1 -1 -1 -1 -1 -1 -1 -1 -1 -1
##$RECPRE= (0..15)
-1 0 -1 -1 -1 -1 -1 -1 -1 -1 -1 -1 -1 -1 -1 -1
##$RECSEL= (0..15)
0 0 1 0 0 0 0 0 0 0 0 0 0 0 0 0
##$SELREC= (0..9)
0 0 0 0 0 0 0 0 0 0
##$SFO1= 376.940608
##$SFO2= 400.6
##$SFO3= 400.6
##$SFO4= 400.6
##$SFO5= 400.6
##$SFO6= 400.6
##$SFO7= 400.6
##$SFO8= 400.6
##$TY= (0..123)
0 0 0 0 0 0 0 0 0 0 0 0 0 0 0 0 0 0 0 0 0 0 0 0 0 0 0 0 0 0 0 0 0 0 0 0
0 0 0 0 0 0 0 0 0 0 0 0 0 0 0 0 0 0 0 0 0 0 0 0 0 0 0 0 0 0 0 0 0 0 0 0
0 0 0 0 0 0 0 0 0 0 0 0 0 0 0 0 0 0 0 0 0 0 0 0 0 0 0 0 0 0 0 0 0 0 0 0
0 0 0 0 0 0 0 0 0 0 0 0 0 0 0 0
##END=
